GEM
  remote: https://rubygems.org/
  specs:
    dotenv (2.7.6)
    json (2.6.1)
    multi_json (1.15.0)
    mustermann (1.1.1)
      ruby2_keywords (~> 0.0.1)
    pg (1.2.3-x64-mingw32)
    rack (2.2.3)
    rack-protection (2.1.0)
      rack
    rake (13.0.6)
    ruby2_keywords (0.0.5)
    sequel (5.51.0)
    sequel-seed (1.1.2)
      sequel (>= 4.49.0)
    sinatra (2.1.0)
      mustermann (~> 1.0)
      rack (~> 2.2)
      rack-protection (= 2.1.0)
      tilt (~> 2.0)
    sinatra-contrib (2.1.0)
      multi_json
      mustermann (~> 1.0)
      rack-protection (= 2.1.0)
      sinatra (= 2.1.0)
      tilt (~> 2.0)
    tilt (2.0.10)

PLATFORMS
  x64-mingw32

DEPENDENCIES
  dotenv
  json
  multi_json
  pg
  rack
  rake
  sequel
  sequel-seed
  sinatra
  sinatra-contrib

BUNDLED WITH
   2.2.10
